GEM
  remote: https://rubygems.org/
  specs:
    actioncable (5.2.4.5)
      actionpack (= 5.2.4.5)
      nio4r (~> 2.0)
      websocket-driver (>= 0.6.1)
    actionmailer (5.2.4.5)
      actionpack (= 5.2.4.5)
      actionview (= 5.2.4.5)
      activejob (= 5.2.4.5)
      mail (~> 2.5, >= 2.5.4)
      rails-dom-testing (~> 2.0)
    actionpack (5.2.4.5)
      actionview (= 5.2.4.5)
      activesupport (= 5.2.4.5)
      rack (~> 2.0, >= 2.0.8)
      rack-test (>= 0.6.3)
      rails-dom-testing (~> 2.0)
      rails-html-sanitizer (~> 1.0, >= 1.0.2)
    actionview (5.2.4.5)
      activesupport (= 5.2.4.5)
      builder (~> 3.1)
      erubi (~> 1.4)
      rails-dom-testing (~> 2.0)
      rails-html-sanitizer (~> 1.0, >= 1.0.3)
    activejob (5.2.4.5)
      activesupport (= 5.2.4.5)
      globalid (>= 0.3.6)
    activemodel (5.2.4.5)
      activesupport (= 5.2.4.5)
    activerecord (5.2.4.5)
      activemodel (= 5.2.4.5)
      activesupport (= 5.2.4.5)
      arel (>= 9.0)
    activestorage (5.2.4.5)
      actionpack (= 5.2.4.5)
      activerecord (= 5.2.4.5)
      marcel (~> 0.3.1)
    activesupport (5.2.4.5)
      concurrent-ruby (~> 1.0, >= 1.0.2)
      i18n (>= 0.7, < 2)
      minitest (~> 5.1)
      tzinfo (~> 1.1)
    arel (9.0.0)
    ast (2.4.2)
    backport (1.1.2)
    bcrypt (3.1.16)
    benchmark (0.1.1)
    bootsnap (1.7.2)
      msgpack (~> 1.0)
    builder (3.2.4)
    byebug (11.1.3)
    concurrent-ruby (1.1.8)
    crass (1.0.6)
    database_cleaner-active_record (2.0.0)
      activerecord (>= 5.a)
      database_cleaner-core (~> 2.0.0)
    database_cleaner-core (2.0.1)
    devise (4.7.3)
      bcrypt (~> 3.0)
      orm_adapter (~> 0.1)
      railties (>= 4.1.0)
      responders
      warden (~> 1.2.3)
    devise-jwt (0.7.0)
      devise (~> 4.0)
      warden-jwt_auth (~> 0.4)
    diff-lcs (1.4.4)
    dry-auto_inject (0.7.0)
      dry-container (>= 0.3.4)
    dry-configurable (0.12.1)
      concurrent-ruby (~> 1.0)
      dry-core (~> 0.5, >= 0.5.0)
    dry-container (0.7.2)
      concurrent-ruby (~> 1.0)
      dry-configurable (~> 0.1, >= 0.1.3)
    dry-core (0.5.0)
      concurrent-ruby (~> 1.0)
    e2mmap (0.1.0)
    erubi (1.10.0)
    factory_bot (6.1.0)
      activesupport (>= 5.0.0)
    factory_bot_rails (6.1.0)
      factory_bot (~> 6.1.0)
      railties (>= 5.0.0)
    faker (2.16.0)
      i18n (>= 1.6, < 2)
    ffi (1.15.0)
    globalid (0.4.2)
      activesupport (>= 4.2.0)
    i18n (1.8.9)
      concurrent-ruby (~> 1.0)
    jaro_winkler (1.5.4)
    jsonapi-deserializable (0.2.0)
    jsonapi-parser (0.1.1)
    jsonapi-rails (0.4.0)
      jsonapi-parser (~> 0.1.0)
      jsonapi-rb (~> 0.5.0)
    jsonapi-rb (0.5.0)
      jsonapi-deserializable (~> 0.2.0)
      jsonapi-serializable (~> 0.3.0)
    jsonapi-renderer (0.2.2)
    jsonapi-rspec (0.0.11)
      rspec-core
      rspec-expectations
    jsonapi-serializable (0.3.1)
      jsonapi-renderer (~> 0.2.0)
    jwt (2.2.2)
    kramdown (2.3.0)
      rexml
    kramdown-parser-gfm (1.1.0)
      kramdown (~> 2.0)
    listen (3.1.5)
      rb-fsevent (~> 0.9, >= 0.9.4)
      rb-inotify (~> 0.9, >= 0.9.7)
      ruby_dep (~> 1.2)
    loofah (2.9.0)
      crass (~> 1.0.2)
      nokogiri (>= 1.5.9)
    mail (2.7.1)
      mini_mime (>= 0.1.1)
    marcel (0.3.3)
      mimemagic (~> 0.3.2)
    method_source (1.0.0)
    mimemagic (0.3.5)
    mini_mime (1.0.2)
    minitest (5.14.4)
    msgpack (1.4.2)
    nio4r (2.5.7)
    nokogiri (1.11.1-x86_64-darwin)
      racc (~> 1.4)
    orm_adapter (0.5.0)
    parallel (1.20.1)
    parser (3.0.0.0)
      ast (~> 2.4.1)
    pg (1.2.3)
    puma (3.12.6)
    racc (1.5.2)
    rack (2.2.3)
    rack-cors (1.1.1)
      rack (>= 2.0.0)
    rack-test (1.1.0)
      rack (>= 1.0, < 3)
    rails (5.2.4.5)
      actioncable (= 5.2.4.5)
      actionmailer (= 5.2.4.5)
      actionpack (= 5.2.4.5)
      actionview (= 5.2.4.5)
      activejob (= 5.2.4.5)
      activemodel (= 5.2.4.5)
      activerecord (= 5.2.4.5)
      activestorage (= 5.2.4.5)
      activesupport (= 5.2.4.5)
      bundler (>= 1.3.0)
      railties (= 5.2.4.5)
      sprockets-rails (>= 2.0.0)
    rails-dom-testing (2.0.3)
      activesupport (>= 4.2.0)
      nokogiri (>= 1.6)
    rails-html-sanitizer (1.3.0)
      loofah (~> 2.3)
    railties (5.2.4.5)
      actionpack (= 5.2.4.5)
      activesupport (= 5.2.4.5)
      method_source
      rake (>= 0.8.7)
      thor (>= 0.19.0, < 2.0)
    rainbow (3.0.0)
    rake (13.0.3)
    rb-fsevent (0.10.4)
    rb-inotify (0.10.1)
      ffi (~> 1.0)
    regexp_parser (2.1.1)
    responders (3.0.1)
      actionpack (>= 5.0)
      railties (>= 5.0)
    reverse_markdown (2.0.0)
      nokogiri
    rexml (3.2.4)
    rspec-core (3.10.1)
      rspec-support (~> 3.10.0)
    rspec-expectations (3.10.1)
      diff-lcs (>= 1.2.0, < 2.0)
      rspec-support (~> 3.10.0)
    rspec-mocks (3.10.2)
      diff-lcs (>= 1.2.0, < 2.0)
      rspec-support (~> 3.10.0)
    rspec-rails (4.1.0)
      actionpack (>= 4.2)
      activesupport (>= 4.2)
      railties (>= 4.2)
      rspec-core (~> 3.10)
      rspec-expectations (~> 3.10)
      rspec-mocks (~> 3.10)
      rspec-support (~> 3.10)
    rspec-support (3.10.2)
    rubocop (1.11.0)
      parallel (~> 1.10)
      parser (>= 3.0.0.0)
      rainbow (>= 2.2.2, < 4.0)
      regexp_parser (>= 1.8, < 3.0)
      rexml
      rubocop-ast (>= 1.2.0, < 2.0)
      ruby-progressbar (~> 1.7)
      unicode-display_width (>= 1.4.0, < 3.0)
    rubocop-ast (1.4.1)
      parser (>= 2.7.1.5)
    rubocop-rails (2.9.1)
      activesupport (>= 4.2.0)
      rack (>= 1.1)
      rubocop (>= 0.90.0, < 2.0)
    rubocop-rspec (2.2.0)
      rubocop (~> 1.0)
      rubocop-ast (>= 1.1.0)
    ruby-progressbar (1.11.0)
    ruby_dep (1.5.0)
    shoulda-matchers (4.5.1)
      activesupport (>= 4.2.0)
    solargraph (0.40.4)
      backport (~> 1.1)
      benchmark
      bundler (>= 1.17.2)
      e2mmap
      jaro_winkler (~> 1.5)
      kramdown (~> 2.3)
      kramdown-parser-gfm (~> 1.1)
      parser (~> 3.0)
      reverse_markdown (>= 1.0.5, < 3)
      rubocop (>= 0.52)
      thor (~> 1.0)
      tilt (~> 2.0)
      yard (~> 0.9, >= 0.9.24)
    spring (2.1.1)
    spring-watcher-listen (2.0.1)
      listen (>= 2.7, < 4.0)
      spring (>= 1.2, < 3.0)
    sprockets (4.0.2)
      concurrent-ruby (~> 1.0)
      rack (> 1, < 3)
    sprockets-rails (3.2.2)
      actionpack (>= 4.0)
      activesupport (>= 4.0)
      sprockets (>= 3.0.0)
    thor (1.1.0)
    thread_safe (0.3.6)
    tilt (2.0.10)
    tzinfo (1.2.9)
      thread_safe (~> 0.1)
    unicode-display_width (2.0.0)
    warden (1.2.9)
      rack (>= 2.0.9)
    warden-jwt_auth (0.5.0)
      dry-auto_inject (~> 0.6)
      dry-configurable (~> 0.9)
      jwt (~> 2.1)
      warden (~> 1.2)
    websocket-driver (0.7.3)
      websocket-extensions (>= 0.1.0)
    websocket-extensions (0.1.5)
    yard (0.9.26)

PLATFORMS
  x86_64-darwin-20

DEPENDENCIES
  bootsnap (>= 1.1.0)
  byebug
  database_cleaner-active_record
  devise
  devise-jwt (~> 0.7.0)
  factory_bot_rails
  faker
  jsonapi-rails
  jsonapi-rspec
  listen (>= 3.0.5, < 3.2)
  pg (>= 0.18, < 2.0)
  puma (~> 3.11)
  rack-cors
  rails (~> 5.2.4, >= 5.2.4.5)
  rspec-rails (~> 4.1.0)
  rubocop-rails
  rubocop-rspec
  shoulda-matchers
  solargraph
  spring
  spring-watcher-listen (~> 2.0.0)
  tzinfo-data

RUBY VERSION
   ruby 2.7.2p137

BUNDLED WITH
   2.2.13
